GEM
  remote: https://rubygems.org/
  specs:
    airbrussh (1.0.1)
      sshkit (>= 1.6.1, != 1.7.0)
    capistrano (3.5.0)
      airbrussh (>= 1.0.0)
      capistrano-harrow
      i18n
      rake (>= 10.0.0)
      sshkit (>= 1.9.0)
    capistrano-composer (0.0.6)
      capistrano (>= 3.0.0.pre)
    capistrano-file-permissions (1.0.0)
      capistrano (~> 3.0)
    capistrano-gulp (0.0.2)
      capistrano (~> 3.0)
    capistrano-harrow (0.5.0)
    capistrano-laravel (0.0.3)
      capistrano (~> 3.0)
      capistrano-composer (~> 0.0.6)
      capistrano-file-permissions (~> 1.0)
    capistrano-multiconfig (3.0.8)
      capistrano (>= 3.0.0)
    capistrano-npm (1.0.2)
      capistrano (>= 3.0.0)
    i18n (0.7.0)
    net-scp (1.2.1)
      net-ssh (>= 2.6.5)
    net-ssh (3.1.1)
    rake (11.1.2)
    sshkit (1.10.0)
      net-scp (>= 1.1.2)
      net-ssh (>= 2.8.0)

PLATFORMS
  ruby

DEPENDENCIES
  capistrano (~> 3.5.0)
  capistrano-composer
  capistrano-gulp
  capistrano-laravel
  capistrano-multiconfig
  capistrano-npm
